PATH
  remote: .
  specs:
    remove_emoji (0.1.0)

GEM
  remote: https://rubygems.org/
  specs:
    minitest (5.10.3)
    rake (10.5.0)

PLATFORMS
  ruby

DEPENDENCIES
  bundler (~> 1.7)
  minitest (~> 5.0)
  rake (~> 10.0)
  remove_emoji!

BUNDLED WITH
   1.16.0
